PATH
  remote: .
  specs:
    giphy-stream (0.2.3)

GEM
  specs:

PLATFORMS
  ruby

DEPENDENCIES
  giphy-stream!

BUNDLED WITH
   2.3.4
